GEM
  remote: https://rubygems.org/
  specs:
    addressable (2.8.7)
      public_suffix (>= 2.0.2, < 7.0)
    bones (3.9.0)
      little-plugger (~> 1.1)
      loquacious (~> 1.9)
      rake (~> 13.0)
      rdoc (~> 6.0)
    bones-git (1.3.1)
      git (~> 1.2)
    bones-rspec (2.0.1)
      bones (>= 3.6)
      rspec (>= 1.3)
    bones-yard (1.0.0)
      bones (>= 3.5.0)
      yard (>= 0.5.8)
    diff-lcs (1.5.1)
    git (1.19.1)
      addressable (~> 2.8)
      rchardet (~> 1.8)
    little-plugger (1.1.4)
    loquacious (1.9.1)
    psych (5.1.2)
      stringio
    public_suffix (6.0.1)
    rake (13.2.1)
    rchardet (1.8.0)
    rdoc (6.7.0)
      psych (>= 4.0.0)
    redcarpet (3.6.0)
    rspec (3.13.0)
      rspec-core (~> 3.13.0)
      rspec-expectations (~> 3.13.0)
      rspec-mocks (~> 3.13.0)
    rspec-core (3.13.0)
      rspec-support (~> 3.13.0)
    rspec-expectations (3.13.1)
      diff-lcs (>= 1.2.0, < 2.0)
      rspec-support (~> 3.13.0)
    rspec-mocks (3.13.1)
      diff-lcs (>= 1.2.0, < 2.0)
      rspec-support (~> 3.13.0)
    rspec-support (3.13.1)
    stringio (3.1.1)
    yard (0.9.36)

PLATFORMS
  ruby

DEPENDENCIES
  bones
  bones-git
  bones-rspec
  bones-yard
  redcarpet
  rspec

BUNDLED WITH
   2.3.7
