GEM
  remote: https://rubygems.org/
  specs:
    bones (3.8.1)
      little-plugger (~> 1.1)
      loquacious (~> 1.9)
      rake (>= 0.8.7)
      rdoc (~> 3.0)
    bones-git (1.3.0)
      bones (>= 3.6)
      git (>= 1.2.5)
    bones-rspec (2.0.1)
      bones (>= 3.6)
      rspec (>= 1.3)
    bones-yard (1.0.0)
      bones (>= 3.5.0)
      yard (>= 0.5.8)
    diff-lcs (1.2.5)
    git (1.2.8)
    json (1.8.1)
    little-plugger (1.1.3)
    loquacious (1.9.1)
    rake (10.3.2)
    rdoc (3.12.2)
      json (~> 1.4)
    redcarpet (3.1.2)
    rspec (2.99.0)
      rspec-core (~> 2.99.0)
      rspec-expectations (~> 2.99.0)
      rspec-mocks (~> 2.99.0)
    rspec-core (2.99.2)
    rspec-expectations (2.99.2)
      diff-lcs (>= 1.1.3, < 2.0)
    rspec-mocks (2.99.2)
    yard (0.8.7.4)

PLATFORMS
  ruby

DEPENDENCIES
  bones
  bones-git
  bones-rspec
  bones-yard
  redcarpet
  rspec (< 3)
