GEM
  remote: https://rubygems.org/
  specs:
    bones (3.8.0)
      little-plugger (~> 1.1.3)
      loquacious (~> 1.9.1)
      rake (>= 0.8.7)
    bones-git (1.3.0)
      bones (>= 3.6)
      git (>= 1.2.5)
    bones-rspec (2.0.1)
      bones (>= 3.6)
      rspec (>= 1.3)
    bones-yard (1.0.0)
      bones (>= 3.5.0)
      yard (>= 0.5.8)
    diff-lcs (1.2.1)
    git (1.2.5)
    little-plugger (1.1.3)
    loquacious (1.9.1)
    rake (10.0.3)
    redcarpet (2.2.2)
    rspec (2.13.0)
      rspec-core (~> 2.13.0)
      rspec-expectations (~> 2.13.0)
      rspec-mocks (~> 2.13.0)
    rspec-core (2.13.1)
    rspec-expectations (2.13.0)
      diff-lcs (>= 1.1.3, < 2.0)
    rspec-mocks (2.13.0)
    yard (0.8.5.2)

PLATFORMS
  ruby

DEPENDENCIES
  bones
  bones-git
  bones-rspec
  bones-yard
  redcarpet
