GEM
  remote: https://rubygems.org/
  specs:
    bones (3.8.4)
      little-plugger (~> 1.1)
      loquacious (~> 1.9)
      rake (~> 12.0)
      rdoc (~> 5.0)
    bones-git (1.3.1)
      git (~> 1.2)
    bones-rspec (2.0.1)
      bones (>= 3.6)
      rspec (>= 1.3)
    bones-yard (1.0.0)
      bones (>= 3.5.0)
      yard (>= 0.5.8)
    diff-lcs (1.3)
    git (1.5.0)
    little-plugger (1.1.4)
    loquacious (1.9.1)
    rake (12.3.1)
    rdoc (5.1.0)
    redcarpet (3.4.0)
    rspec (3.8.0)
      rspec-core (~> 3.8.0)
      rspec-expectations (~> 3.8.0)
      rspec-mocks (~> 3.8.0)
    rspec-core (3.8.0)
      rspec-support (~> 3.8.0)
    rspec-expectations (3.8.2)
      diff-lcs (>= 1.2.0, < 2.0)
      rspec-support (~> 3.8.0)
    rspec-mocks (3.8.0)
      diff-lcs (>= 1.2.0, < 2.0)
      rspec-support (~> 3.8.0)
    rspec-support (3.8.0)
    yard (0.9.16)

PLATFORMS
  ruby

DEPENDENCIES
  bones
  bones-git
  bones-rspec
  bones-yard
  redcarpet
  rspec

BUNDLED WITH
   1.15.4
